GEM
  remote: https://rubygems.org/
  specs:
    asciidoctor (1.5.2)
    mini_portile (0.6.2)
    nokogiri (1.6.6.2)
      mini_portile (~> 0.6.0)
    tilt (2.0.1)

PLATFORMS
  ruby

DEPENDENCIES
  asciidoctor
  nokogiri
  tilt
