GEM
  remote: https://rubygems.org/
  specs:
    asciidoctor (2.0.17)
    fastimage (2.2.6)
    mini_portile2 (2.8.0)
    nokogiri (1.13.9)
      mini_portile2 (~> 2.8.0)
      racc (~> 1.4)
    pygments.rb (2.3.0)
    racc (1.6.0)
    tilt (2.0.10)

PLATFORMS
  ruby

DEPENDENCIES
  asciidoctor (~> 2.0.17)
  fastimage (~> 2.2.6)
  nokogiri (~> 1.13.9)
  pygments.rb (~> 2.3.0)
  tilt (~> 2.0.10)

BUNDLED WITH
   2.3.10
