GEM
  remote: https://rubygems.org/
  specs:
    addressable (2.4.0)
    asciidoctor (1.5.4)
    fastimage (2.0.0)
      addressable (~> 2)
    mini_portile2 (2.1.0)
    nokogiri (1.6.8)
      mini_portile2 (~> 2.1.0)
      pkg-config (~> 1.1.7)
    pkg-config (1.1.7)
    posix-spawn (0.3.11)
    pygments.rb (0.6.3)
      posix-spawn (~> 0.3.6)
      yajl-ruby (~> 1.2.0)
    tilt (2.0.5)
    yajl-ruby (1.2.1)

PLATFORMS
  ruby

DEPENDENCIES
  asciidoctor (~> 1.5.4)
  fastimage (~> 2.0.0)
  nokogiri (~> 1.6.8)
  pygments.rb (~> 0.6.3)
  tilt (~> 2.0.5)

BUNDLED WITH
   1.12.5
