GEM
  remote: https://rubygems.org/
  specs:
    asciidoctor (1.5.6.1)
    fastimage (2.1.0)
    mini_portile2 (2.2.0)
    multi_json (1.12.1)
    nokogiri (1.8.0)
      mini_portile2 (~> 2.2.0)
    pygments.rb (1.1.2)
      multi_json (>= 1.0.0)
    tilt (2.0.8)

PLATFORMS
  ruby

DEPENDENCIES
  asciidoctor (~> 1.5.6)
  fastimage (~> 2.1.0)
  nokogiri (~> 1.8.0)
  pygments.rb (~> 1.1.2)
  tilt (~> 2.0.8)

BUNDLED WITH
   1.14.3
