GEM
  remote: https://rubygems.org/
  specs:
    asciidoctor (2.0.10)
    fastimage (2.1.7)
    mini_portile2 (2.4.0)
    multi_json (1.14.1)
    nokogiri (1.10.9)
      mini_portile2 (~> 2.4.0)
    pygments.rb (1.2.1)
      multi_json (>= 1.0.0)
    tilt (2.0.10)

PLATFORMS
  ruby

DEPENDENCIES
  asciidoctor (~> 2.0.10)
  fastimage (~> 2.1.7)
  nokogiri (~> 1.10.9)
  pygments.rb (~> 1.2.1)
  tilt (~> 2.0.01)

BUNDLED WITH
   2.1.4
