GEM
  remote: https://rubygems.org/
  specs:
    asciidoctor (2.0.18)
    fastimage (2.2.6)
    mini_portile2 (2.8.1)
    nokogiri (1.14.3)
      mini_portile2 (~> 2.8.0)
      racc (~> 1.4)
    pygments.rb (2.3.1)
    racc (1.6.2)
    tilt (2.1.0)

PLATFORMS
  ruby

DEPENDENCIES
  asciidoctor (~> 2.0.18)
  fastimage (~> 2.2.6)
  nokogiri (~> 1.14.3)
  pygments.rb (~> 2.3.1)
  tilt (~> 2.1.0)

BUNDLED WITH
   2.4.6
