GEM
  remote: https://rubygems.org/
  specs:
    asciidoctor (2.0.20)
    fastimage (2.3.0)
    nokogiri (1.16.2-aarch64-linux)
      racc (~> 1.4)
    nokogiri (1.16.2-arm-linux)
      racc (~> 1.4)
    nokogiri (1.16.2-arm64-darwin)
      racc (~> 1.4)
    nokogiri (1.16.2-x86-linux)
      racc (~> 1.4)
    nokogiri (1.16.2-x86_64-darwin)
      racc (~> 1.4)
    nokogiri (1.16.2-x86_64-linux)
      racc (~> 1.4)
    pygments.rb (2.4.1)
    racc (1.7.3)
    tilt (2.3.0)

PLATFORMS
  aarch64-linux
  arm-linux
  arm64-darwin
  x86-linux
  x86_64-darwin
  x86_64-linux

DEPENDENCIES
  asciidoctor (~> 2.0.20)
  fastimage (~> 2.3.0)
  nokogiri (~> 1.16.2)
  pygments.rb (~> 2.4.1)
  tilt (~> 2.3.0)

BUNDLED WITH
   2.5.6
