GEM
  remote: https://rubygems.org/
  specs:
    asciidoctor (2.0.10)
    fastimage (2.1.7)
    mini_portile2 (2.5.1)
    multi_json (1.14.1)
    nokogiri (1.11.4)
      mini_portile2 (~> 2.5.0)
      racc (~> 1.4)
    pygments.rb (1.2.1)
      multi_json (>= 1.0.0)
    racc (1.5.2)
    tilt (2.0.10)

PLATFORMS
  ruby

DEPENDENCIES
  asciidoctor (~> 2.0.10)
  fastimage (~> 2.1.7)
  nokogiri (~> 1.11.4)
  pygments.rb (~> 1.2.1)
  tilt (~> 2.0.01)

BUNDLED WITH
   2.1.4
