GEM
  remote: https://rubygems.org/
  specs:
    asciidoctor (1.5.2)
    nokogiri (1.5.11)
    tilt (2.0.1)

PLATFORMS
  ruby

DEPENDENCIES
  asciidoctor
  nokogiri
  tilt
