GEM
  remote: https://rubygems.org/
  specs:
    asciidoctor (2.0.18)
    fastimage (2.2.6)
    mini_portile2 (2.8.5)
    nokogiri (1.16.2)
      mini_portile2 (~> 2.8.2)
      racc (~> 1.4)
    pygments.rb (2.3.1)
    racc (1.7.3)
    tilt (2.1.0)

PLATFORMS
  ruby

DEPENDENCIES
  asciidoctor (~> 2.0.18)
  fastimage (~> 2.2.6)
  nokogiri (~> 1.16.2)
  pygments.rb (~> 2.3.1)
  tilt (~> 2.1.0)

BUNDLED WITH
   2.4.17
