GEM
  remote: https://rubygems.org/
  specs:
    asciidoctor (1.5.8)
    fastimage (2.1.5)
    mini_portile2 (2.4.0)
    multi_json (1.13.1)
    nokogiri (1.10.4)
      mini_portile2 (~> 2.4.0)
    pygments.rb (1.2.1)
      multi_json (>= 1.0.0)
    tilt (2.0.9)

PLATFORMS
  ruby

DEPENDENCIES
  asciidoctor (~> 1.5.8)
  fastimage (~> 2.1.5)
  nokogiri (~> 1.10.4)
  pygments.rb (~> 1.2.1)
  tilt (~> 2.0.9)

BUNDLED WITH
   1.17.2
