GEM
  remote: https://rubygems.org/
  specs:
    asciidoctor (1.5.2)
    tilt (2.0.1)

PLATFORMS
  ruby

DEPENDENCIES
  asciidoctor
  tilt
